GEM
  remote: https://rubygems.org/
  specs:
    pru (0.2.0)
    ruby-progressbar (1.9.0)
    slop (4.4.3)
    sqlite3 (1.3.13)
    unix_utils (0.0.15)

PLATFORMS
  ruby

DEPENDENCIES
  pru
  ruby-progressbar
  slop (~> 4.4.1)
  sqlite3
  unix_utils

RUBY VERSION
   ruby 2.3.1p112

BUNDLED WITH
   1.16.1
