GEM
  remote: https://rubygems.org/
  specs:
    ruby-progressbar (1.9.0)
    slop (4.4.3)
    sqlite3 (1.3.13)

PLATFORMS
  ruby

DEPENDENCIES
  ruby-progressbar
  slop (~> 4.4.1)
  sqlite3

RUBY VERSION
   ruby 2.3.1p112

BUNDLED WITH
   1.14.6
